NUGET
  remote: https://nuget.org/api/v2
  specs:
    FAKE (3.35.0)
    FsCheck (0.9.1.0)
    FSharp.Charting (0.90.10)
    FSharp.Compiler.Service (0.0.89)
    FSharp.Data (2.2.2)
      Zlib.Portable (>= 1.10.0) - framework: portable-net40+sl50+wp80+win80
    FSharp.Formatting (2.9.6)
      FSharp.Compiler.Service (>= 0.0.87)
      FSharpVSPowerTools.Core (1.8.0)
    FSharpVSPowerTools.Core (1.8.0)
      FSharp.Compiler.Service (>= 0.0.87)
    MathNet.Numerics (3.7.0)
      TaskParallelLibrary (>= 1.0.2856) - framework: >= net35 < net40
    NuGet.CommandLine (2.8.5)
    NUnit (2.6.4)
    NUnit.Runners (2.6.4)
    R.NET.Community (1.5.16)
    R.NET.Community.FSharp (0.1.9)
      R.NET.Community (>= 1.5.16)
    RProvider (1.1.8)
      R.NET.Community (1.5.16)
      R.NET.Community.FSharp (0.1.9)
    TaskParallelLibrary (1.0.2856.0) - framework: >= net35 < net40
    Zlib.Portable (1.10.0) - framework: portable-net40+sl50+wp80+win80
GITHUB
  remote: fsharp/FSharp.Data
  specs:
    src/CommonRuntime/StructuralInference.fs (0659180b4609b88d9f527a0c0bb06cc58af6443d)
    src/CommonRuntime/StructuralTypes.fs (0659180b4609b88d9f527a0c0bb06cc58af6443d)
    src/CommonRuntime/TextConversions.fs (0659180b4609b88d9f527a0c0bb06cc58af6443d)
    src/CommonRuntime/TextRuntime.fs (0659180b4609b88d9f527a0c0bb06cc58af6443d)
    src/Csv/CsvFile.fs (0659180b4609b88d9f527a0c0bb06cc58af6443d)
    src/Csv/CsvInference.fs (0659180b4609b88d9f527a0c0bb06cc58af6443d)
    src/Csv/CsvRuntime.fs (0659180b4609b88d9f527a0c0bb06cc58af6443d)