NUGET
  remote: https://nuget.org/api/v2
  specs:
    DynamicInterop (0.7.4)
    FAKE (3.36.0)
    FsCheck (0.9.1.0)
    FSharp.Core (3.1.2.5)    
    FSharp.Charting (0.90.12)
    FSharp.Compiler.Service (1.4.2.3)
    FSharp.Data (2.2.5)
      Zlib.Portable (>= 1.10.0) - framework: portable-net40+sl50+wp80+win80
    FSharp.Formatting (2.14.4)
      FSharp.Compiler.Service (>= 0.0.87)
      FSharpVSPowerTools.Core (>= 2.3.0)
    FSharpVSPowerTools.Core (2.3.0)
    MathNet.Numerics (3.7.0)
      TaskParallelLibrary (>= 1.0.2856) - framework: >= net35 < net40
    NuGet.CommandLine (2.8.5)
    NUnit (2.6.6)
    NUnit.Runners (2.6.6)
    R.NET.Community (1.6.5)
      DynamicInterop (0.7.4)
    R.NET.Community.FSharp (1.6.5)
      R.NET.Community (>= 1.6.5)
    RProvider (1.1.20)
      DynamicInterop (0.7.4)
      R.NET.Community (1.6.5)
      R.NET.Community.FSharp (1.6.5)
    TaskParallelLibrary (1.0.2856.0) - framework: >= net35 < net40
    Zlib.Portable (1.11.0) - framework: portable-net40+sl50+wp80+win80
GITHUB
  remote: fsharp/FSharp.Data
  specs:
    src/CommonRuntime/StructuralInference.fs (769b8efa3dc8cb02fa9247cc3d99ecad6609d4cb)
    src/CommonRuntime/StructuralTypes.fs (769b8efa3dc8cb02fa9247cc3d99ecad6609d4cb)
    src/CommonRuntime/TextConversions.fs (769b8efa3dc8cb02fa9247cc3d99ecad6609d4cb)
    src/CommonRuntime/TextRuntime.fs (769b8efa3dc8cb02fa9247cc3d99ecad6609d4cb)
    src/Csv/CsvFile.fs (769b8efa3dc8cb02fa9247cc3d99ecad6609d4cb)
    src/Csv/CsvInference.fs (769b8efa3dc8cb02fa9247cc3d99ecad6609d4cb)
    src/Csv/CsvRuntime.fs (769b8efa3dc8cb02fa9247cc3d99ecad6609d4cb)